GIT
  remote: git://github.com/SamSaffron/sprockets.git
  revision: bacf2ec4d4d10cd8d1ab25a6360740314c512237
  branch: rails-compat
  specs:
    sprockets (2.2.3)
      hike (~> 1.2)
      multi_json (~> 1.0)
      rack (~> 1.0)
      tilt (~> 1.1, != 1.3.0)

GIT
  remote: git://github.com/activescaffold/active_scaffold.git
  revision: 
  tag: >= v3.3.0.rc3
  specs:
    active_scaffold (3.3.0.rc3)
      rails (~> 3.2.0)

GIT
  remote: git://github.com/callahad/omniauth-browserid.git
  revision: af62d667626c1622de6fe13b60849c3640765ab1
  branch: observer_api
  specs:
    omniauth-browserid (0.0.2)
      faraday
      multi_json
      omniauth (~> 1.0)

GIT
  remote: git://github.com/emberjs/ember-rails.git
  revision: 4dc902b4e1c5a1a6dadc97cc12524df3d7591fac
  specs:
    ember-rails (0.11.1)
      active_model_serializers
      barber (>= 0.4.1)
      ember-data-source
      ember-source
      execjs (>= 1.2)
      railties (>= 3.1)

GIT
  remote: git://github.com/rails-api/active_model_serializers.git
  revision: 9eb2e281c655d65b1c3e94b2a49c5bb4f158f2a4
  specs:
    active_model_serializers (0.7.0)
      activemodel (>= 3.0)

GIT
  remote: git://github.com/zhangyuan/vestal_versions
  revision: 0ea75ec4e269b5a9e609639919ade0f36381a446
  specs:
    vestal_versions (1.2.2)
      activerecord (>= 3.0.0)
      activesupport (>= 3.0.0)

PATH
  remote: vendor/gems/discourse_emoji
  specs:
    discourse_emoji (0.0.1)

PATH
  remote: vendor/gems/discourse_pervasive_banner
  specs:
    discourse_pervasive_banner (0.0.10)

PATH
  remote: vendor/gems/discourse_plugin
  specs:
    discourse_plugin (0.0.1)

PATH
  remote: vendor/gems/discourse_task
  specs:
    discourse_task (0.0.1)

PATH
  remote: vendor/gems/discourse_user_directory
  specs:
    discourse_user_directory (0.0.5)
      coffee-rails
      rails (~> 3.2.12)

PATH
  remote: vendor/gems/message_bus
  specs:
    message_bus (0.0.1)
      eventmachine
      rack (>= 1.1.3)
      redis
      thin

PATH
  remote: vendor/gems/rails_multisite
  specs:
    rails_multisite (0.0.1)

PATH
  remote: vendor/gems/simple_handlebars_rails
  specs:
    simple_handlebars_rails (0.0.1)
      rails (~> 3.1)

GEM
  remote: https://rubygems.org/
  specs:
    actionmailer (3.2.13)
      actionpack (= 3.2.13)
      mail (~> 2.5.3)
    actionpack (3.2.13)
      activemodel (= 3.2.13)
      activesupport (= 3.2.13)
      builder (~> 3.0.0)
      erubis (~> 2.7.0)
      journey (~> 1.0.4)
      rack (~> 1.4.5)
      rack-cache (~> 1.2)
      rack-test (~> 0.6.1)
      sprockets (~> 2.2.1)
    active_attr (0.7.0)
      activemodel (>= 3.0.2, < 4.1)
      activesupport (>= 3.0.2, < 4.1)
    activemodel (3.2.13)
      activesupport (= 3.2.13)
      builder (~> 3.0.0)
    activerecord (3.2.13)
      activemodel (= 3.2.13)
      activesupport (= 3.2.13)
      arel (~> 3.0.2)
      tzinfo (~> 0.3.29)
    activerecord-postgres-hstore (0.7.6)
      activerecord (>= 3.1)
      pg-hstore (>= 1.1.5)
      rake
    activeresource (3.2.13)
      activemodel (= 3.2.13)
      activesupport (= 3.2.13)
    activesupport (3.2.13)
      i18n (= 0.6.1)
      multi_json (~> 1.0)
    acts_as_paranoid (0.4.1)
      activerecord (~> 3.2)
    airbrake (3.1.2)
      activesupport
      builder
    arel (3.0.2)
    barber (0.4.2)
      ember-source
      execjs
      handlebars-source
    better_errors (0.8.0)
      coderay (>= 1.0.0)
      erubis (>= 2.6.6)
    binding_of_caller (0.7.1)
      debug_inspector (>= 0.0.1)
    bourne (1.4.0)
      mocha (~> 0.13.2)
    builder (3.0.4)
    celluloid (0.12.4)
      facter (>= 1.6.12)
      timers (>= 1.0.0)
    certified (0.1.1)
    childprocess (0.3.9)
      ffi (~> 1.0, >= 1.0.11)
    clockwork (0.5.0)
      tzinfo (~> 0.3.35)
    coderay (1.0.9)
    coffee-rails (3.2.2)
      coffee-script (>= 2.2.0)
      railties (~> 3.2.0)
    coffee-script (2.2.0)
      coffee-script-source
      execjs
    coffee-script-source (1.6.2)
    connection_pool (1.0.0)
    daemons (1.1.9)
    debug_inspector (0.0.2)
    diff-lcs (1.2.3)
    diffy (2.1.4)
    em-redis (0.3.0)
      eventmachine
    ember-data-source (0.0.5)
      ember-source
    ember-source (0.0.5)
      handlebars-source (>= 1.0.0.rc3, < 1.0.0.rc4)
    erubis (2.7.0)
    eventmachine (1.0.3)
    excon (0.20.1)
    execjs (1.4.0)
      multi_json (~> 1.0)
    fabrication (2.6.5)
    facter (1.7.0)
    fakeweb (1.3.0)
    faraday (0.8.7)
      multipart-post (~> 1.1)
    fast_blank (0.0.1)
      rake
      rake-compiler
    fast_xor (1.1.1)
      rake
      rake-compiler
    fast_xs (0.8.0)
    fastimage (1.3.0)
    ffi (1.7.0)
    fog (1.10.1)
      builder
      excon (~> 0.20)
      formatador (~> 0.2.0)
      mime-types
      multi_json (~> 1.0)
      net-scp (~> 1.1)
      net-ssh (>= 2.1.3)
      nokogiri (~> 1.5.0)
      ruby-hmac
    formatador (0.2.4)
    fspath (2.0.4)
    guard (1.7.0)
      formatador (>= 0.2.4)
      listen (>= 0.6.0)
      lumberjack (>= 1.0.2)
      pry (>= 0.9.10)
      thor (>= 0.14.6)
    guard-jasmine (1.15.1)
      childprocess
      guard (>= 1.1.0)
      multi_json
      thor
    guard-jshint-on-rails (0.0.2)
      guard (>= 1.0.0)
      jshint_on_rails (>= 1.0.2)
    guard-rspec (2.5.3)
      guard (>= 1.1)
      rspec (~> 2.11)
    guard-spork (1.5.0)
      childprocess (>= 0.2.3)
      guard (>= 1.1)
      spork (>= 0.8.4)
    haml (4.0.2)
      tilt
    handlebars-source (1.0.0.rc3)
    has_ip_address (0.0.1)
    hashie (2.0.3)
    highline (1.6.18)
    hike (1.2.2)
    hiredis (0.4.5)
    httparty (0.11.0)
      multi_json (~> 1.0)
      multi_xml (>= 0.5.2)
    httpauth (0.2.0)
    i18n (0.6.1)
    image_optim (0.8.0)
      fspath (~> 2.0.3)
      image_size (~> 1.1.2)
      in_threads (~> 1.1.1)
      progress (~> 2.4.0)
    image_size (1.1.2)
    image_sorcery (1.1.0)
    in_threads (1.1.1)
    jasminerice (0.0.10)
      coffee-rails
      haml
    journey (1.0.4)
    jquery-rails (2.2.1)
      railties (>= 3.0, < 5.0)
      thor (>= 0.14, < 2.0)
    jshint_on_rails (1.0.2)
    json (1.7.7)
    jwt (0.1.8)
      multi_json (>= 1.5)
    librarian (0.1.0)
      highline
      thor (~> 0.15)
    libv8 (3.11.8.17)
    listen (0.7.3)
    lumberjack (1.0.3)
    mail (2.5.3)
      i18n (>= 0.4.0)
      mime-types (~> 1.16)
      treetop (~> 1.4.8)
    metaclass (0.0.1)
    method_source (0.8.1)
    mime-types (1.22)
    minitest (4.7.2)
    mocha (0.13.3)
      metaclass (~> 0.0.1)
    multi_json (1.7.2)
    multi_xml (0.5.3)
    multipart-post (1.2.0)
    mustache (0.99.4)
    net-scp (1.1.0)
      net-ssh (>= 2.6.5)
    net-ssh (2.6.7)
    nokogiri (1.5.9)
    oauth (0.4.7)
    oauth2 (0.8.1)
      faraday (~> 0.8)
      httpauth (~> 0.1)
      jwt (~> 0.1.4)
      multi_json (~> 1.0)
      rack (~> 1.2)
    oj (2.0.10)
    omniauth (1.1.4)
      hashie (>= 1.2, < 3)
      rack
    omniauth-facebook (1.4.1)
      omniauth-oauth2 (~> 1.1.0)
    omniauth-github (1.1.0)
      omniauth (~> 1.0)
      omniauth-oauth2 (~> 1.1)
    omniauth-oauth (1.0.1)
      oauth
      omniauth (~> 1.0)
    omniauth-oauth2 (1.1.1)
      oauth2 (~> 0.8.0)
      omniauth (~> 1.0)
    omniauth-openid (1.0.1)
      omniauth (~> 1.0)
      rack-openid (~> 1.3.1)
    omniauth-twitter (0.0.16)
      multi_json (~> 1.3)
      omniauth-oauth (~> 1.0)
    openid-redis-store (0.0.2)
      redis
      ruby-openid
    pg (0.15.1)
    pg-hstore (1.1.7)
    polyglot (0.3.3)
    progress (2.4.0)
    pry (0.9.12)
      coderay (~> 1.0.5)
      method_source (~> 0.8)
      slop (~> 3.4)
    pry-rails (0.2.2)
      pry (>= 0.9.10)
    rack (1.4.5)
    rack-cache (1.2)
      rack (>= 0.4)
    rack-mini-profiler (0.1.26)
      rack (>= 1.1.3)
    rack-openid (1.3.1)
      rack (>= 1.1.0)
      ruby-openid (>= 2.1.8)
    rack-protection (1.5.0)
      rack
    rack-ssl (1.3.3)
      rack
    rack-test (0.6.2)
      rack (>= 1.0)
    railroady (1.1.0)
    rails (3.2.13)
      actionmailer (= 3.2.13)
      actionpack (= 3.2.13)
      activerecord (= 3.2.13)
      activeresource (= 3.2.13)
      activesupport (= 3.2.13)
      bundler (~> 1.0)
      railties (= 3.2.13)
    railties (3.2.13)
      actionpack (= 3.2.13)
      activesupport (= 3.2.13)
      rack-ssl (~> 1.3.2)
      rake (>= 0.8.7)
      rdoc (~> 3.4)
      thor (>= 0.14.6, < 2.0)
    rake (10.0.4)
    rake-compiler (0.8.3)
      rake
    rb-fsevent (0.9.3)
    rb-inotify (0.8.8)
      ffi (>= 0.5.0)
    rdoc (3.12.2)
      json (~> 1.4)
    redcarpet (2.2.2)
    redis (3.0.3)
    redis-actionpack (3.2.3)
      actionpack (~> 3.2.3)
      redis-rack (~> 1.4.0)
      redis-store (~> 1.1.0)
    redis-activesupport (3.2.3)
      activesupport (~> 3.2.3)
      redis-store (~> 1.1.0)
    redis-namespace (1.2.1)
      redis (~> 3.0.0)
    redis-rack (1.4.2)
      rack (~> 1.4.1)
      redis-store (~> 1.1.0)
    redis-rack-cache (1.2.1)
      rack-cache (~> 1.2)
      redis-store (~> 1.1.0)
    redis-rails (3.2.3)
      redis-actionpack (~> 3.2.3)
      redis-activesupport (~> 3.2.3)
      redis-store (~> 1.1.0)
    redis-store (1.1.3)
      redis (>= 2.2.0)
    ref (1.0.4)
    rest-client (1.6.7)
      mime-types (>= 1.16)
    rinku (1.7.2)
    rspec (2.13.0)
      rspec-core (~> 2.13.0)
      rspec-expectations (~> 2.13.0)
      rspec-mocks (~> 2.13.0)
    rspec-core (2.13.1)
    rspec-expectations (2.13.0)
      diff-lcs (>= 1.1.3, < 2.0)
    rspec-mocks (2.13.1)
    rspec-rails (2.13.0)
      actionpack (>= 3.0)
      activesupport (>= 3.0)
      railties (>= 3.0)
      rspec-core (~> 2.13.0)
      rspec-expectations (~> 2.13.0)
      rspec-mocks (~> 2.13.0)
    ruby-hmac (0.4.0)
    ruby-openid (2.2.3)
    sanitize (2.0.3)
      nokogiri (>= 1.4.4, < 1.6)
    sass (3.2.7)
    sass-rails (3.2.6)
      railties (~> 3.2.0)
      sass (>= 3.1.10)
      tilt (~> 1.3)
    seed-fu (2.2.0)
      activerecord (~> 3.1)
      activesupport (~> 3.1)
    shoulda (3.4.0)
      shoulda-context (~> 1.0, >= 1.0.1)
      shoulda-matchers (~> 1.0, >= 1.4.1)
    shoulda-context (1.1.1)
    shoulda-matchers (1.5.6)
      activesupport (>= 3.0.0)
      bourne (~> 1.3)
    sidekiq (2.10.1)
      celluloid (~> 0.12.0)
      connection_pool (~> 1.0)
      multi_json (~> 1)
      redis (~> 3)
      redis-namespace
    simplecov (0.7.1)
      multi_json (~> 1.0)
      simplecov-html (~> 0.7.1)
    simplecov-html (0.7.1)
    sinatra (1.3.6)
      rack (~> 1.4)
      rack-protection (~> 1.3)
      tilt (~> 1.3, >= 1.3.3)
    slim (1.3.8)
      temple (~> 0.6.3)
      tilt (~> 1.3.3)
    slop (3.4.4)
    spork (0.9.2)
    temple (0.6.4)
    terminal-notifier-guard (1.5.3)
    therubyracer (0.11.4)
      libv8 (~> 3.11.8.12)
      ref
    thin (1.5.1)
      daemons (>= 1.0.9)
      eventmachine (>= 0.12.6)
      rack (>= 1.0.0)
    thor (0.18.1)
    tilt (1.3.7)
    timers (1.1.0)
    treetop (1.4.12)
      polyglot
      polyglot (>= 0.3.1)
    turbo-sprockets-rails3 (0.3.6)
      railties (> 3.2.8, < 4.0.0)
      sprockets (>= 2.0.0)
    tzinfo (0.3.37)
    uglifier (2.0.1)
      execjs (>= 0.3.0)
      multi_json (~> 1.0, >= 1.0.2)

PLATFORMS
  ruby

DEPENDENCIES
  active_attr
  active_model_serializers!
  active_scaffold!
  activerecord-postgres-hstore
  acts_as_paranoid
  airbrake (= 3.1.2)
  better_errors
  binding_of_caller
  certified
  clockwork
  diffy
  discourse_emoji!
  discourse_pervasive_banner!
  discourse_plugin!
  discourse_task!
  discourse_user_directory!
  em-redis
  ember-rails!
  eventmachine
  fabrication
  fakeweb (~> 1.3.0)
  fast_blank
  fast_xor
  fast_xs
  fastimage
  fog
  guard-jasmine
  guard-jshint-on-rails
  guard-rspec
  guard-spork
  handlebars-source (= 1.0.0.rc3)
  has_ip_address
  hiredis
  httparty
  image_optim
  image_sorcery
  jasminerice
  jquery-rails
  jshint_on_rails
  librarian (>= 0.0.25)
  message_bus!
  minitest
  mocha
  multi_json
  mustache
  nokogiri
  oj
  omniauth
  omniauth-browserid!
  omniauth-facebook
  omniauth-github
  omniauth-openid
  omniauth-twitter
  openid-redis-store
  pg
  pry-rails
  rack-cache
  rack-mini-profiler
  railroady
  rails
  rails_multisite!
  rake
  rb-fsevent
  rb-inotify (~> 0.8.8)
  redcarpet
  redis
  redis-rack-cache
  redis-rails
  rest-client
  rinku
  rspec-rails
  sanitize
  sass
  sass-rails
  seed-fu
  shoulda
  sidekiq
  simple_handlebars_rails!
  simplecov
  sinatra
  slim
  sprockets!
  terminal-notifier-guard
  therubyracer
  thin
  turbo-sprockets-rails3
  uglifier
  vestal_versions!
