GIT
  remote: git://github.com/sporkrb/spork-rails.git
  revision: 3224f84d8c31fcb0894e9a43f6c3ac67e3aa0d71
  specs:
    spork-rails (3.2.1)
      rails (>= 3.0.0, < 5)
      spork (>= 1.0rc0)

GIT
  remote: https://github.com/CodeMonkeySteve/fast_xor.git
  revision: 85b79ec6d116f9680f23bd2c5c8c2c2039d477d8
  specs:
    fast_xor (1.1.2)
      rake
      rake-compiler

GIT
  remote: https://github.com/SamSaffron/annotate_models.git
  revision: ebe4ba7e3f6ceeb43e4e40078da2b261a1bb71b2
  specs:
    annotate (2.6.0.beta1)
      activerecord (>= 2.3.0)
      rake (>= 0.8.7)

GIT
  remote: https://github.com/SamSaffron/message_bus
  revision: 682ba3542aeef67e4f645f0aa30051d165108962
  specs:
    message_bus (0.0.2)
      eventmachine
      rack (>= 1.1.3)
      redis
      thin

GIT
  remote: https://github.com/SamSaffron/redis-rack-cache.git
  revision: 379ef30e31d4e185cb1d7f8badca0cc06403eba2
  specs:
    redis-rack-cache (1.2.1)
      rack-cache (~> 1.2)
      redis-store (~> 1.1.0)

GIT
  remote: https://github.com/SamSaffron/sprockets.git
  revision: bacf2ec4d4d10cd8d1ab25a6360740314c512237
  branch: rails-compat
  specs:
    sprockets (2.2.3)
      hike (~> 1.2)
      multi_json (~> 1.0)
      rack (~> 1.0)
      tilt (~> 1.1, != 1.3.0)

GIT
  remote: https://github.com/callahad/omniauth-browserid.git
  revision: af62d667626c1622de6fe13b60849c3640765ab1
  branch: observer_api
  specs:
    omniauth-browserid (0.0.2)
      faraday
      multi_json
      omniauth (~> 1.0)

GIT
  remote: https://github.com/lawrencepit/email_reply_parser.git
  revision: 67408dfb1b99fb8d5f145f782b9e22d1851a8e5a
  specs:
    email_reply_parser (0.6)

GIT
  remote: https://github.com/zhangyuan/vestal_versions
  revision: 0ea75ec4e269b5a9e609639919ade0f36381a446
  specs:
    vestal_versions (1.2.2)
      activerecord (>= 3.0.0)
      activesupport (>= 3.0.0)

PATH
  remote: vendor/gems/discourse_emoji
  specs:
    discourse_emoji (0.0.1)

PATH
  remote: vendor/gems/discourse_pervasive_banner
  specs:
    discourse_pervasive_banner (0.0.10)

PATH
  remote: vendor/gems/discourse_plugin
  specs:
    discourse_plugin (0.0.1)

PATH
  remote: vendor/gems/discourse_user_directory
  specs:
    discourse_user_directory (0.0.6)
      coffee-rails
      rails (~> 3.2.12)

PATH
  remote: vendor/gems/rails_multisite
  specs:
    rails_multisite (0.0.1)

PATH
  remote: vendor/gems/simple_handlebars_rails
  specs:
    simple_handlebars_rails (0.0.1)
      rails (> 3.1)

GEM
  remote: https://rubygems.org/
  specs:
    actionmailer (3.2.12)
      actionpack (= 3.2.12)
      mail (~> 2.4.4)
    actionpack (3.2.12)
      activemodel (= 3.2.12)
      activesupport (= 3.2.12)
      builder (~> 3.0.0)
      erubis (~> 2.7.0)
      journey (~> 1.0.4)
      rack (~> 1.4.5)
      rack-cache (~> 1.2)
      rack-test (~> 0.6.1)
      sprockets (~> 2.2.1)
    active_attr (0.8.2)
      activemodel (>= 3.0.2, < 4.1)
      activesupport (>= 3.0.2, < 4.1)
    active_model_serializers (0.8.1)
      activemodel (>= 3.0)
    activemodel (3.2.12)
      activesupport (= 3.2.12)
      builder (~> 3.0.0)
    activerecord (3.2.12)
      activemodel (= 3.2.12)
      activesupport (= 3.2.12)
      arel (~> 3.0.2)
      tzinfo (~> 0.3.29)
    activerecord-postgres-hstore (0.7.6)
      activerecord (>= 3.1)
      pg-hstore (>= 1.1.5)
      rake
    activeresource (3.2.12)
      activemodel (= 3.2.12)
      activesupport (= 3.2.12)
    activesupport (3.2.12)
      i18n (~> 0.6)
      multi_json (~> 1.0)
    addressable (2.3.5)
    airbrake (3.1.2)
      activesupport
      builder
    arel (3.0.2)
    barber (0.4.2)
      ember-source
      execjs
      handlebars-source
    better_errors (0.9.0)
      coderay (>= 1.0.0)
      erubis (>= 2.6.6)
    binding_of_caller (0.7.2)
      debug_inspector (>= 0.0.1)
    builder (3.0.4)
    celluloid (0.14.1)
      timers (>= 1.0.0)
    certified (0.1.1)
    coderay (1.0.9)
    coffee-rails (3.2.2)
      coffee-script (>= 2.2.0)
      railties (~> 3.2.0)
    coffee-script (2.2.0)
      coffee-script-source
      execjs
    coffee-script-source (1.6.3)
    connection_pool (1.1.0)
    daemons (1.1.9)
    debug_inspector (0.0.2)
    diff-lcs (1.2.4)
    diffy (3.0.1)
    ember-data-source (0.13)
      ember-source
    ember-rails (0.13.0)
      active_model_serializers
      barber (>= 0.4.1)
      ember-data-source
      ember-source
      execjs (>= 1.2)
      handlebars-source
      railties (>= 3.1)
    ember-source (1.0.0.rc6.2)
      handlebars-source (= 1.0.12)
    erubis (2.7.0)
    eventmachine (1.0.3)
    excon (0.6.6)
    execjs (1.4.0)
      multi_json (~> 1.0)
    fabrication (2.7.2)
    fakeweb (1.3.0)
    faraday (0.8.7)
      multipart-post (~> 1.1)
    fast_blank (0.0.1)
      rake
      rake-compiler
    fast_xs (0.8.0)
    fastimage (1.5.0)
    ffi (1.9.0)
    fog (0.9.0)
      builder
      excon (~> 0.6.1)
      formatador (>= 0.1.3)
      json
      mime-types
      net-scp (>= 1.0.4)
      net-ssh (>= 2.1.4)
      nokogiri (>= 1.4.4)
      ruby-hmac
    formatador (0.2.4)
    fspath (2.0.4)
    given_core (3.0.0)
      sorcerer (>= 0.3.7)
    handlebars-source (1.0.12)
    hashie (2.0.5)
    highline (1.6.19)
    hike (1.2.3)
    hiredis (0.4.5)
    httparty (0.11.0)
      multi_json (~> 1.0)
      multi_xml (>= 0.5.2)
    httpauth (0.2.0)
    i18n (0.6.4)
    ice_cube (0.11.0)
    image_optim (0.8.1)
      fspath (~> 2.0.3)
      image_size (~> 1.1.2)
      in_threads (~> 1.1.1)
      progress (~> 2.4.0)
    image_size (1.1.2)
    image_sorcery (1.1.0)
    in_threads (1.1.1)
    journey (1.0.4)
    json (1.8.0)
    jwt (0.1.8)
      multi_json (>= 1.5)
    kgio (2.8.0)
    librarian (0.1.0)
      highline
      thor (~> 0.15)
    libv8 (3.11.8.17)
    listen (1.2.2)
      rb-fsevent (>= 0.9.3)
      rb-inotify (>= 0.9)
      rb-kqueue (>= 0.2)
    lru_redux (0.0.6)
    mail (2.4.4)
      i18n (>= 0.4.0)
      mime-types (~> 1.16)
      treetop (~> 1.4.8)
    metaclass (0.0.1)
    method_source (0.8.1)
    mime-types (1.23)
    mini_portile (0.5.1)
    minitest (5.0.6)
    mocha (0.14.0)
      metaclass (~> 0.0.1)
    mock_redis (0.9.0)
    multi_json (1.7.7)
    multi_xml (0.5.4)
    multipart-post (1.2.0)
    mustache (0.99.4)
    net-scp (1.1.2)
      net-ssh (>= 2.6.5)
    net-ssh (2.6.8)
    nokogiri (1.6.0)
      mini_portile (~> 0.5.0)
    oauth (0.4.7)
    oauth2 (0.8.1)
      faraday (~> 0.8)
      httpauth (~> 0.1)
      jwt (~> 0.1.4)
      multi_json (~> 1.0)
      rack (~> 1.2)
    oj (2.1.4)
    omniauth (1.1.4)
      hashie (>= 1.2, < 3)
      rack
    omniauth-cas (1.0.4)
      addressable (~> 2.3)
      nokogiri (~> 1.6)
      omniauth (~> 1.1.0)
    omniauth-facebook (1.4.1)
      omniauth-oauth2 (~> 1.1.0)
    omniauth-github (1.1.1)
      omniauth (~> 1.0)
      omniauth-oauth2 (~> 1.1)
    omniauth-oauth (1.0.1)
      oauth
      omniauth (~> 1.0)
    omniauth-oauth2 (1.1.1)
      oauth2 (~> 0.8.0)
      omniauth (~> 1.0)
    omniauth-openid (1.0.1)
      omniauth (~> 1.0)
      rack-openid (~> 1.3.1)
    omniauth-twitter (1.0.0)
      multi_json (~> 1.3)
      omniauth-oauth (~> 1.0)
    openid-redis-store (0.0.2)
      redis
      ruby-openid
    pg (0.15.1)
    pg-hstore (1.1.7)
    polyglot (0.3.3)
    progress (2.4.0)
    pry (0.9.12.2)
      coderay (~> 1.0.5)
      method_source (~> 0.8)
      slop (~> 3.4)
    pry-nav (0.2.3)
      pry (~> 0.9.10)
    pry-rails (0.3.1)
      pry (>= 0.9.10)
    puma (2.3.2)
      rack (>= 1.1, < 2.0)
    qunit-rails (0.0.3)
      railties (>= 3.2.3)
    rack (1.4.5)
    rack-cache (1.2)
      rack (>= 0.4)
    rack-cors (0.2.8)
      rack
    rack-mini-profiler (0.1.29)
      rack (>= 1.1.3)
    rack-openid (1.3.1)
      rack (>= 1.1.0)
      ruby-openid (>= 2.1.8)
    rack-protection (1.5.0)
      rack
    rack-ssl (1.3.3)
      rack
    rack-test (0.6.2)
      rack (>= 1.0)
    railroady (1.1.0)
    rails (3.2.12)
      actionmailer (= 3.2.12)
      actionpack (= 3.2.12)
      activerecord (= 3.2.12)
      activeresource (= 3.2.12)
      activesupport (= 3.2.12)
      bundler (~> 1.0)
      railties (= 3.2.12)
    railties (3.2.12)
      actionpack (= 3.2.12)
      activesupport (= 3.2.12)
      rack-ssl (~> 1.3.2)
      rake (>= 0.8.7)
      rdoc (~> 3.4)
      thor (>= 0.14.6, < 2.0)
    raindrops (0.11.0)
    rake (10.1.0)
    rake-compiler (0.8.3)
      rake
    rb-fsevent (0.9.3)
    rb-inotify (0.9.0)
      ffi (>= 0.5.0)
    rb-kqueue (0.2.0)
      ffi (>= 0.5.0)
    rdoc (3.12.2)
      json (~> 1.4)
    redcarpet (3.0.0)
    redis (3.0.4)
    redis-actionpack (3.2.3)
      actionpack (~> 3.2.3)
      redis-rack (~> 1.4.0)
      redis-store (~> 1.1.0)
    redis-activesupport (3.2.3)
      activesupport (~> 3.2.3)
      redis-store (~> 1.1.0)
    redis-namespace (1.3.0)
      redis (~> 3.0.0)
    redis-rack (1.4.2)
      rack (~> 1.4.1)
      redis-store (~> 1.1.0)
    redis-rails (3.2.3)
      redis-actionpack (~> 3.2.3)
      redis-activesupport (~> 3.2.3)
      redis-store (~> 1.1.0)
    redis-store (1.1.3)
      redis (>= 2.2.0)
    ref (1.0.5)
    rest-client (1.6.7)
      mime-types (>= 1.16)
    rinku (1.7.3)
    rspec (2.14.1)
      rspec-core (~> 2.14.0)
      rspec-expectations (~> 2.14.0)
      rspec-mocks (~> 2.14.0)
    rspec-core (2.14.3)
    rspec-expectations (2.14.0)
      diff-lcs (>= 1.1.3, < 2.0)
    rspec-given (3.0.0)
      given_core (= 3.0.0)
      rspec (>= 2.12)
    rspec-mocks (2.14.1)
    rspec-rails (2.14.0)
      actionpack (>= 3.0)
      activesupport (>= 3.0)
      railties (>= 3.0)
      rspec-core (~> 2.14.0)
      rspec-expectations (~> 2.14.0)
      rspec-mocks (~> 2.14.0)
    ruby-hmac (0.4.0)
    ruby-openid (2.2.3)
    sanitize (2.0.6)
      nokogiri (>= 1.4.4)
    sass (3.2.9)
    sass-rails (3.2.6)
      railties (~> 3.2.0)
      sass (>= 3.1.10)
      tilt (~> 1.3)
    seed-fu (2.2.0)
      activerecord (~> 3.1)
      activesupport (~> 3.1)
    shoulda (3.5.0)
      shoulda-context (~> 1.0, >= 1.0.1)
      shoulda-matchers (>= 1.4.1, < 3.0)
    shoulda-context (1.1.4)
    shoulda-matchers (2.2.0)
      activesupport (>= 3.0.0)
    sidekiq (2.13.0)
      celluloid (>= 0.14.1)
      connection_pool (>= 1.0.0)
      json
      redis (>= 3.0)
      redis-namespace
    sidekiq-failures (0.2.1)
      sidekiq (>= 2.2.1)
    sidetiq (0.3.6)
      ice_cube (~> 0.11.0)
      sidekiq (~> 2.13.0)
    simplecov (0.7.1)
      multi_json (~> 1.0)
      simplecov-html (~> 0.7.1)
    simplecov-html (0.7.1)
    sinatra (1.4.3)
      rack (~> 1.4)
      rack-protection (~> 1.4)
      tilt (~> 1.3, >= 1.3.4)
    slim (2.0.0)
      temple (~> 0.6.5)
      tilt (~> 1.3, >= 1.3.3)
    slop (3.4.5)
    sorcerer (1.0.0)
    spork (1.0.0rc3)
    strong_parameters (0.2.1)
      actionpack (~> 3.0)
      activemodel (~> 3.0)
      railties (~> 3.0)
    temple (0.6.5)
    terminal-notifier-guard (1.5.3)
    therubyracer (0.11.4)
      libv8 (~> 3.11.8.12)
      ref
    thin (1.5.1)
      daemons (>= 1.0.9)
      eventmachine (>= 0.12.6)
      rack (>= 1.0.0)
    thor (0.18.1)
    tilt (1.4.1)
    timecop (0.6.2.2)
    timers (1.1.0)
    treetop (1.4.14)
      polyglot
      polyglot (>= 0.3.1)
    tzinfo (0.3.37)
    uglifier (2.1.2)
      execjs (>= 0.3.0)
      multi_json (~> 1.0, >= 1.0.2)
    unicorn (4.6.3)
      kgio (~> 2.6)
      rack
      raindrops (~> 0.7)

PLATFORMS
  ruby

DEPENDENCIES
  active_attr
  active_model_serializers
  activerecord-postgres-hstore
  airbrake (= 3.1.2)
  annotate!
  barber
  better_errors
  binding_of_caller
  certified
  diffy (>= 3.0)
  discourse_emoji!
  discourse_pervasive_banner!
  discourse_plugin!
  discourse_user_directory!
  email_reply_parser!
  ember-rails
  ember-source (= 1.0.0.rc6.2)
  eventmachine
  fabrication
  fakeweb (~> 1.3.0)
  fast_blank
  fast_xor!
  fast_xs
  fastimage
  fog
  handlebars-source (= 1.0.12)
  highline
  hiredis
  httparty
  image_optim
  image_sorcery
  librarian (>= 0.0.25)
  listen
  lru_redux
  message_bus!
  minitest
  mocha
  mock_redis
  multi_json
  mustache
  nokogiri
  oj
  omniauth
  omniauth-browserid!
  omniauth-cas
  omniauth-facebook
  omniauth-github
  omniauth-oauth2
  omniauth-openid
  omniauth-twitter
  openid-redis-store
  pg
  pry-nav
  pry-rails
  puma
  qunit-rails
  rack-cache
  rack-cors
  rack-mini-profiler (= 0.1.29)
  railroady
  rails (= 3.2.12)
  rails_multisite!
  rake
  rb-fsevent
  rb-inotify (~> 0.9)
  redcarpet
  redis
  redis-rack-cache!
  redis-rails
  rest-client
  rinku
  rspec-given
  rspec-rails
  sanitize
  sass
  sass-rails
  seed-fu
  shoulda
  sidekiq
  sidekiq-failures
  sidetiq (>= 0.3.6)
  simple_handlebars_rails!
  simplecov
  sinatra
  slim
  spork-rails!
  sprockets!
  strong_parameters
  terminal-notifier-guard
  therubyracer
  thin
  timecop
  uglifier
  unicorn
  vestal_versions!
