GEM
  remote: http://rubygems.org/
  specs:
    contest (0.1.3)
    git (1.2.5)
    jeweler (1.6.4)
      bundler (~> 1.0)
      git (>= 1.2.5)
      rake
    metaclass (0.0.1)
    mocha (0.10.0)
      metaclass (~> 0.0.1)
    rake (0.9.2)
    tzinfo (0.3.32)

PLATFORMS
  ruby

DEPENDENCIES
  contest
  jeweler
  mocha
  tzinfo
